PATH
  remote: .
  specs:
    factory-helper (1.5.0)
      i18n (= 0.6.9)

GEM
  remote: http://rubygems.org/
  specs:
    i18n (0.6.9)
    power_assert (0.2.3)
    rake (10.4.2)
    test-unit (3.0.9)
      power_assert

PLATFORMS
  ruby

DEPENDENCIES
  bundler (~> 1.7)
  factory-helper!
  rake
  test-unit
